PATH
  remote: .
  specs:
    levelup (0.9.5)
      httparty (~> 0.11.0)
      json (~> 1.8.2)

GEM
  remote: https://rubygems.org/
  specs:
    addressable (2.3.8)
    crack (0.4.2)
      safe_yaml (~> 1.0.0)
    diff-lcs (1.2.5)
    httparty (0.11.0)
      multi_json (~> 1.0)
      multi_xml (>= 0.5.2)
    json (1.8.2)
    multi_json (1.11.0)
    multi_xml (0.5.5)
    rake (10.3.2)
    rspec (1.3.2)
    rspec-core (2.0.1)
    rspec-expectations (2.0.1)
      diff-lcs (>= 1.1.2)
    rspec-mocks (2.0.1)
      rspec-core (~> 2.0.1)
      rspec-expectations (~> 2.0.1)
    safe_yaml (1.0.4)
    settingslogic (2.0.9)
    vcr (2.9.3)
    webmock (1.17.4)
      addressable (>= 2.2.7)
      crack (>= 0.3.2)

PLATFORMS
  ruby

DEPENDENCIES
  bundler (~> 1.6)
  levelup!
  rake (~> 10.3.1)
  rspec (~> 1.3.2)
  rspec-mocks (~> 2.0.0)
  settingslogic (~> 2.0.9)
  vcr (~> 2.9.0)
  webmock (~> 1.17.4)
